GEM
  remote: https://rubygems.org/
  specs:
    cli-ui (2.4.0)

PLATFORMS
  arm64-darwin-24
  ruby

DEPENDENCIES
  cli-ui (~> 2.2)

BUNDLED WITH
   2.6.9
